PATH
  remote: .
  specs:
    turbolog (0.1.4)

GEM
  remote: https://rubygems.org/
  specs:
    coderay (1.1.2)
    ffi (1.9.21)
    guard (0.10.0)
      ffi (>= 0.5.0)
      thor (~> 0.14.6)
    guard-rspec (0.7.3)
      guard (>= 0.10.0)
    method_source (0.8.2)
    minitest (5.11.3)
    pry (0.10.4)
      coderay (~> 1.1.0)
      method_source (~> 0.8.1)
      slop (~> 3.4)
    pry-nav (0.2.4)
      pry (>= 0.9.10, < 0.11.0)
    pry-remote (0.1.8)
      pry (~> 0.9)
      slop (~> 3.0)
    rake (10.5.0)
    rspec (0.9.4)
    rspec-nc (0.0.3)
      terminal-notifier (~> 1.4.2)
    slop (3.6.0)
    terminal-notifier (1.4.2)
    thor (0.14.6)

PLATFORMS
  ruby

DEPENDENCIES
  bundler (~> 1.16)
  guard (~> 0)
  guard-rspec (~> 0)
  minitest (~> 5.0)
  pry (~> 0)
  pry-nav (~> 0)
  pry-remote (~> 0)
  rake (~> 10.0)
  rspec (~> 0)
  rspec-nc (~> 0)
  turbolog!

BUNDLED WITH
   1.16.1
